GEM
  remote: https://rubygems.org/
  specs:
    addressable (2.5.0)
      public_suffix (~> 2.0, >= 2.0.2)
    bosh-template (1.3262.24.0)
      semi_semantic (~> 1.2.0)
    bson (3.2.6-java)
    cabin (0.9.0)
    chronic_duration (0.10.6)
      numerizer (~> 0.1.1)
    clamp (0.6.5)
    coderay (1.1.1)
    concurrent-ruby (1.0.0-java)
    diff-lcs (1.3)
    ffi (1.9.18-java)
    filesize (0.0.4)
    filewatch (0.9.0)
    gems (0.8.3)
    i18n (0.6.9)
    jar-dependencies (0.3.5)
    jls-grok (0.11.4)
      cabin (>= 0.6.0)
    jrjackson (0.4.2-java)
    jrmonitor (0.4.2)
    jruby-openssl (0.9.16-java)
    logstash-codec-json (3.0.2)
      logstash-core-plugin-api (>= 1.60, <= 2.99)
    logstash-codec-line (3.0.2)
      logstash-core-plugin-api (>= 1.60, <= 2.99)
    logstash-codec-multiline (3.0.3)
      jls-grok (~> 0.11.1)
      logstash-core-plugin-api (>= 1.60, <= 2.99)
      logstash-patterns-core
    logstash-codec-plain (3.0.2)
      logstash-core-plugin-api (>= 1.60, <= 2.99)
    logstash-core (5.0.0-java)
      chronic_duration (= 0.10.6)
      clamp (~> 0.6.5)
      concurrent-ruby (= 1.0.0)
      filesize (= 0.0.4)
      gems (~> 0.8.3)
      i18n (= 0.6.9)
      jar-dependencies (~> 0.3.4)
      jrjackson (~> 0.4.0)
      jrmonitor (~> 0.4.2)
      jruby-openssl (= 0.9.16)
      logstash-core-event-java (= 5.0.0)
      minitar (~> 0.5.4)
      pry (~> 0.10.1)
      puma (~> 2.16)
      rubyzip (~> 1.1.7)
      sinatra (~> 1.4, >= 1.4.6)
      stud (~> 0.0.19)
      thread_safe (~> 0.3.5)
      treetop (< 1.5.0)
    logstash-core-event-java (5.0.0-java)
      jar-dependencies
      ruby-maven (~> 3.3.9)
    logstash-core-plugin-api (2.1.17-java)
      logstash-core (= 5.0.0)
    logstash-filter-alter (3.0.0)
      logstash-core-plugin-api (>= 1.60, <= 2.99)
    logstash-filter-date (3.0.3)
      logstash-core-plugin-api (>= 1.60, <= 2.99)
    logstash-filter-drop (3.0.2)
      logstash-core-plugin-api (>= 1.60, <= 2.99)
    logstash-filter-geoip (4.0.3-java)
      logstash-core-plugin-api (>= 1.60, <= 2.99)
    logstash-filter-grok (3.2.3)
      jls-grok (~> 0.11.3)
      logstash-core-plugin-api (>= 1.60, <= 2.99)
      logstash-patterns-core
    logstash-filter-json (3.0.2)
      logstash-core-plugin-api (>= 1.60, <= 2.99)
    logstash-filter-kv (3.1.1)
      logstash-core-plugin-api (>= 1.60, <= 2.99)
    logstash-filter-mutate (3.1.3)
      logstash-core-plugin-api (>= 1.60, <= 2.99)
    logstash-filter-ruby (3.0.2)
      logstash-core-plugin-api (>= 1.60, <= 2.99)
      logstash-filter-date
    logstash-filter-syslog_pri (3.0.2)
      logstash-core-plugin-api (>= 1.60, <= 2.99)
    logstash-filter-translate (3.0.1)
      logstash-core-plugin-api (>= 1.60, <= 2.99)
    logstash-input-file (4.0.0)
      addressable
      filewatch (~> 0.8, >= 0.8.1)
      logstash-codec-multiline (~> 3.0)
      logstash-codec-plain
      logstash-core-plugin-api (>= 1.60, <= 2.99)
    logstash-input-redis (3.1.1)
      logstash-codec-json
      logstash-core-plugin-api (>= 1.60, <= 2.99)
      redis
    logstash-input-syslog (3.1.1)
      concurrent-ruby
      logstash-codec-plain
      logstash-core-plugin-api (>= 1.60, <= 2.99)
      logstash-filter-date
      logstash-filter-grok
      stud (>= 0.0.22, < 0.1.0)
      thread_safe
    logstash-output-elasticsearch (5.2.0-java)
      cabin (~> 0.6)
      logstash-core-plugin-api (>= 1.60, <= 2.99)
      manticore (>= 0.5.4, < 1.0.0)
      stud (~> 0.0, >= 0.0.17)
    logstash-output-mongodb (3.0.1)
      logstash-codec-plain
      logstash-core-plugin-api (>= 1.60, <= 2.99)
      mongo (~> 2.0.6)
    logstash-output-stdout (3.1.0)
      logstash-codec-line
      logstash-core-plugin-api (>= 1.60.1, < 2.99)
    logstash-output-syslog (3.0.1)
      logstash-codec-plain
      logstash-core-plugin-api (>= 1.60, <= 2.99)
    logstash-patterns-core (4.1.0)
      logstash-core-plugin-api (>= 1.60, <= 2.99)
    manticore (0.6.1-java)
    method_source (0.8.2)
    minitar (0.5.4)
    mongo (2.0.6)
      bson (~> 3.0)
    numerizer (0.1.1)
    polyglot (0.3.5)
    pry (0.10.4-java)
      coderay (~> 1.1.0)
      method_source (~> 0.8.1)
      slop (~> 3.4)
      spoon (~> 0.0)
    public_suffix (2.0.5)
    puma (2.16.0-java)
    rack (1.6.5)
    rack-protection (1.5.3)
      rack
    rake (12.0.0)
    redis (3.3.3)
    rspec (3.5.0)
      rspec-core (~> 3.5.0)
      rspec-expectations (~> 3.5.0)
      rspec-mocks (~> 3.5.0)
    rspec-core (3.5.4)
      rspec-support (~> 3.5.0)
    rspec-expectations (3.5.0)
      diff-lcs (>= 1.2.0, < 2.0)
      rspec-support (~> 3.5.0)
    rspec-mocks (3.5.0)
      diff-lcs (>= 1.2.0, < 2.0)
      rspec-support (~> 3.5.0)
    rspec-support (3.5.0)
    ruby-maven (3.3.12)
      ruby-maven-libs (~> 3.3.9)
    ruby-maven-libs (3.3.9)
    rubyzip (1.1.7)
    semi_semantic (1.2.0)
    sinatra (1.4.8)
      rack (~> 1.5)
      rack-protection (~> 1.4)
      tilt (>= 1.3, < 3)
    slop (3.6.0)
    spoon (0.0.6)
      ffi
    stud (0.0.22)
    thread_safe (0.3.6-java)
    tilt (2.0.6)
    treetop (1.4.15)
      polyglot
      polyglot (>= 0.3.1)
    yaml-lint (0.0.9)

PLATFORMS
  java

DEPENDENCIES
  bosh-template
  logstash-codec-plain (= 3.0.2)
  logstash-core (= 5.0.0)
  logstash-filter-alter
  logstash-filter-date (= 3.0.3)
  logstash-filter-drop (= 3.0.2)
  logstash-filter-geoip (= 4.0.3)
  logstash-filter-grok (= 3.2.3)
  logstash-filter-json (= 3.0.2)
  logstash-filter-kv (= 3.1.1)
  logstash-filter-mutate (= 3.1.3)
  logstash-filter-ruby (= 3.0.2)
  logstash-filter-syslog_pri (= 3.0.2)
  logstash-filter-translate
  logstash-input-file (= 4.0.0)
  logstash-input-redis (= 3.1.1)
  logstash-input-syslog (= 3.1.1)
  logstash-output-elasticsearch (= 5.2.0)
  logstash-output-mongodb
  logstash-output-stdout (= 3.1.0)
  logstash-output-syslog
  rake
  rspec
  yaml-lint

BUNDLED WITH
   1.13.6
